PATH
  remote: .
  specs:
    keyman (1.0.0)
      net-ssh (~> 2.6.3)

GEM
  remote: https://rubygems.org/
  specs:
    net-ssh (2.6.3)

PLATFORMS
  ruby

DEPENDENCIES
  keyman!
